GIT
  remote: https://github.com/discorb-lib/discorb
  revision: 67d0ca5f1787327e4eb51bf9050178bd5c0c61ab
  specs:
    discorb (0.20.0)
      async (~> 1.30.1)
      async-http (~> 0.56.5)
      async-websocket (~> 0.19.0)
      mime-types (~> 3.3)

GEM
  remote: https://rubygems.org/
  specs:
    async (1.30.3)
      console (~> 1.10)
      nio4r (~> 2.3)
      timers (~> 4.1)
    async-http (0.56.6)
      async (>= 1.25)
      async-io (>= 1.28)
      async-pool (>= 0.2)
      protocol-http (~> 0.22.0)
      protocol-http1 (~> 0.14.0)
      protocol-http2 (~> 0.14.0)
      traces (~> 0.4.0)
    async-io (1.34.0)
      async
    async-pool (0.3.12)
      async (>= 1.25)
    async-websocket (0.19.2)
      async-http (~> 0.54)
      async-io (~> 1.23)
      protocol-websocket (~> 0.7.0)
    console (1.16.2)
      fiber-local
    dotenv (2.8.1)
    fiber-local (1.0.0)
    mime-types (3.4.1)
      mime-types-data (~> 3.2015)
    mime-types-data (3.2022.0105)
    mini_portile2 (2.8.0)
    nio4r (2.5.8)
    protocol-hpack (1.4.2)
    protocol-http (0.22.9)
    protocol-http1 (0.14.6)
      protocol-http (~> 0.22)
    protocol-http2 (0.14.2)
      protocol-hpack (~> 1.4)
      protocol-http (~> 0.18)
    protocol-websocket (0.7.5)
      protocol-http (~> 0.2)
      protocol-http1 (~> 0.2)
    sequel (5.63.0)
    sqlite3 (1.5.4)
      mini_portile2 (~> 2.8.0)
    sqlite3 (1.5.4-x64-mingw-ucrt)
    timers (4.3.5)
    traces (0.4.1)

PLATFORMS
  x64-mingw-ucrt
  x86-mingw32

DEPENDENCIES
  discorb!
  dotenv (~> 2.7)
  sequel (~> 5.63)
  sqlite3 (~> 1.5)

RUBY VERSION
   ruby 3.1.0p0

BUNDLED WITH
   2.3.17
